PATH
  remote: .
  specs:
    b3 (0.1.0)
      pastel (~> 0.7.2)
      thor (~> 0.20.0)
      tty (~> 0.8)
      tty-color (~> 0.4.2)
      tty-command (~> 0.8.0)
      tty-config (~> 0.2.0)
      tty-cursor (~> 0.5.0)
      tty-editor (~> 0.4.0)
      tty-file (~> 0.6.0)
      tty-font (~> 0.2.0)
      tty-markdown (~> 0.4.0)
      tty-pager (~> 0.11.0)
      tty-platform (~> 0.1.0)
      tty-progressbar (~> 0.15.0)
      tty-prompt (~> 0.16.1)
      tty-screen (~> 0.6.4)
      tty-spinner (~> 0.8.0)
      tty-table (~> 0.10.0)
      tty-tree (~> 0.1.0)
      tty-which (~> 0.3.0)
      virtus (~> 1.0, >= 1.0.5)

GEM
  remote: https://rubygems.org/
  specs:
    axiom-types (0.1.1)
      descendants_tracker (~> 0.0.4)
      ice_nine (~> 0.11.0)
      thread_safe (~> 0.3, >= 0.3.1)
    byebug (10.0.2)
    coercible (1.0.0)
      descendants_tracker (~> 0.0.1)
    descendants_tracker (0.0.4)
      thread_safe (~> 0.3, >= 0.3.1)
    diff-lcs (1.3)
    equalizer (0.0.11)
    equatable (0.5.0)
    hitimes (1.3.0)
    ice_nine (0.11.2)
    kramdown (1.16.2)
    necromancer (0.4.0)
    pastel (0.7.2)
      equatable (~> 0.5.0)
      tty-color (~> 0.4.0)
    rake (10.5.0)
    rouge (3.1.1)
    rspec (3.8.0)
      rspec-core (~> 3.8.0)
      rspec-expectations (~> 3.8.0)
      rspec-mocks (~> 3.8.0)
    rspec-core (3.8.0)
      rspec-support (~> 3.8.0)
    rspec-expectations (3.8.1)
      diff-lcs (>= 1.2.0, < 2.0)
      rspec-support (~> 3.8.0)
    rspec-mocks (3.8.0)
      diff-lcs (>= 1.2.0, < 2.0)
      rspec-support (~> 3.8.0)
    rspec-support (3.8.0)
    strings (0.1.3)
      strings-ansi (~> 0.1.0)
      unicode-display_width (~> 1.4.0)
      unicode_utils (~> 1.4.0)
    strings-ansi (0.1.0)
    thor (0.20.0)
    thread_safe (0.3.6)
    timers (4.1.2)
      hitimes
    tty (0.8.1)
      bundler (~> 1.16, < 2.0)
      equatable (~> 0.5.0)
      pastel (~> 0.7.2)
      thor (~> 0.20.0)
      tty-color (~> 0.4.2)
      tty-command (~> 0.8.0)
      tty-config (~> 0.2.0)
      tty-cursor (~> 0.5.0)
      tty-editor (~> 0.4.0)
      tty-file (~> 0.6.0)
      tty-font (~> 0.2.0)
      tty-markdown (~> 0.4.0)
      tty-pager (~> 0.11.0)
      tty-platform (~> 0.1.0)
      tty-progressbar (~> 0.15.0)
      tty-prompt (~> 0.16.1)
      tty-screen (~> 0.6.4)
      tty-spinner (~> 0.8.0)
      tty-table (~> 0.10.0)
      tty-tree (~> 0.1.0)
      tty-which (~> 0.3.0)
    tty-color (0.4.3)
    tty-command (0.8.2)
      pastel (~> 0.7.0)
    tty-config (0.2.0)
    tty-cursor (0.5.0)
    tty-editor (0.4.0)
      tty-prompt (~> 0.16.0)
      tty-which (~> 0.3.0)
    tty-file (0.6.0)
      diff-lcs (~> 1.3.0)
      pastel (~> 0.7.2)
      tty-prompt (~> 0.16.1)
    tty-font (0.2.0)
    tty-markdown (0.4.0)
      kramdown (~> 1.16.2)
      pastel (~> 0.7.2)
      rouge (~> 3.1.0)
      strings (~> 0.1.0)
      tty-color (~> 0.4.2)
      tty-screen (~> 0.6.4)
    tty-pager (0.11.0)
      strings (~> 0.1.0)
      tty-screen (~> 0.6.4)
      tty-which (~> 0.3.0)
    tty-platform (0.1.0)
    tty-progressbar (0.15.1)
      tty-cursor (~> 0.5.0)
      tty-screen (~> 0.6.4)
      unicode-display_width (~> 1.3)
    tty-prompt (0.16.1)
      necromancer (~> 0.4.0)
      pastel (~> 0.7.0)
      timers (~> 4.0)
      tty-cursor (~> 0.5.0)
      tty-reader (~> 0.3.0)
    tty-reader (0.3.0)
      tty-cursor (~> 0.5.0)
      tty-screen (~> 0.6.4)
      wisper (~> 2.0.0)
    tty-screen (0.6.5)
    tty-spinner (0.8.0)
      tty-cursor (>= 0.5.0)
    tty-table (0.10.0)
      equatable (~> 0.5.0)
      necromancer (~> 0.4.0)
      pastel (~> 0.7.2)
      strings (~> 0.1.0)
      tty-screen (~> 0.6.4)
    tty-tree (0.1.0)
    tty-which (0.3.0)
    unicode-display_width (1.4.0)
    unicode_utils (1.4.0)
    virtus (1.0.5)
      axiom-types (~> 0.1)
      coercible (~> 1.0)
      descendants_tracker (~> 0.0, >= 0.0.3)
      equalizer (~> 0.0, >= 0.0.9)
    wisper (2.0.0)

PLATFORMS
  ruby

DEPENDENCIES
  b3!
  bundler (~> 1.16)
  byebug (~> 10.0)
  rake (~> 10.0)
  rspec (~> 3.0)

BUNDLED WITH
   1.16.4
