PATH
  remote: .
  specs:
    b3 (0.1.0)

GEM
  remote: https://rubygems.org/
  specs:
    byebug (10.0.2)
    diff-lcs (1.3)
    rake (10.5.0)
    rspec (3.8.0)
      rspec-core (~> 3.8.0)
      rspec-expectations (~> 3.8.0)
      rspec-mocks (~> 3.8.0)
    rspec-core (3.8.0)
      rspec-support (~> 3.8.0)
    rspec-expectations (3.8.1)
      diff-lcs (>= 1.2.0, < 2.0)
      rspec-support (~> 3.8.0)
    rspec-mocks (3.8.0)
      diff-lcs (>= 1.2.0, < 2.0)
      rspec-support (~> 3.8.0)
    rspec-support (3.8.0)
    rspec_junit_formatter (0.4.1)
      rspec-core (>= 2, < 4, != 2.12.0)

PLATFORMS
  ruby

DEPENDENCIES
  b3!
  bundler (~> 1.15)
  byebug (~> 10.0)
  rake (~> 10.0)
  rspec (~> 3.0)
  rspec_junit_formatter (~> 0.4.1)

BUNDLED WITH
   1.16.4
